GEM
  remote: http://rubygems.org/
  specs:
    activerecord (2.2.3)
      activesupport (= 2.2.3)
    activesupport (2.2.3)
    haml (3.1.7)
    pg (0.11.0)
    rack (1.3.5)
    rack-protection (1.1.4)
      rack
    sinatra (1.3.1)
      rack (~> 1.3, >= 1.3.4)
      rack-protection (~> 1.1, >= 1.1.2)
      tilt (~> 1.3, >= 1.3.3)
    tilt (1.3.3)

PLATFORMS
  ruby

DEPENDENCIES
  activerecord (= 2.2.3)
  haml (= 3.1.7)
  pg (~> 0.11.0)
  sinatra
